GEM
  remote: https://rubygems.org/
  specs:
    dotenv (2.2.0)
    faraday (0.11.0)
      multipart-post (>= 1.2, < 3)
    hashie (3.5.5)
    inflection (1.0.0)
    mime-types (3.1)
      mime-types-data (~> 3.2015)
    mime-types-data (3.2016.0521)
    multipart-post (2.0.0)
    rack (1.6.5)
    rack-protection (1.5.3)
      rack
    scrub_rb (1.0.1)
    sinatra (1.4.8)
      rack (~> 1.5)
      rack-protection (~> 1.4)
      tilt (>= 1.3, < 3)
    tilt (2.0.6)
    zendesk_api (1.14.0)
      faraday (~> 0.9)
      hashie (>= 1.2, < 4.0, != 3.3.0)
      inflection
      mime-types
      multipart-post (~> 2.0)
      scrub_rb (~> 1.0.1)

PLATFORMS
  ruby

DEPENDENCIES
  dotenv
  sinatra
  zendesk_api

BUNDLED WITH
   1.14.5
